PATH
  remote: .
  specs:
    migration_sql_generator (0.1.0)
      activerecord (~> 2.3)
      rake (~> 0.9)

GEM
  remote: http://rubygems.org/
  remote: http://gems.github.com/
  specs:
    activerecord (2.3.14)
      activesupport (= 2.3.14)
    activesupport (2.3.14)
    columnize (0.3.5)
    linecache (0.46)
      rbx-require-relative (> 0.0.4)
    rack (1.3.5)
    rake (0.9.2.2)
    rbx-require-relative (0.0.5)
    rspec (1.3.2)
    rspec-rails (1.3.4)
      rack (>= 1.0.0)
      rspec (~> 1.3.1)
    ruby-debug (0.10.4)
      columnize (>= 0.1)
      ruby-debug-base (~> 0.10.4.0)
    ruby-debug-base (0.10.4)
      linecache (>= 0.3)

PLATFORMS
  ruby

DEPENDENCIES
  migration_sql_generator!
  rspec (~> 1.3.2)
  rspec-rails (~> 1.3.4)
  ruby-debug (= 0.10.4)
